GEM
  remote: http://rubygems.org/
  specs:
    addressable (2.5.2)
      public_suffix (>= 2.0.2, < 4.0)
    buftok (0.2.0)
    coderay (1.1.2)
    daemons (1.2.6)
    domain_name (0.5.20170404)
      unf (>= 0.0.5, < 1.0.0)
    dotenv (2.2.1)
    equalizer (0.0.10)
    eventmachine (1.2.5)
    eventmachine (1.2.5-x64-mingw32)
    faraday (0.9.2)
      multipart-post (>= 1.2, < 3)
    http (1.0.4)
      addressable (~> 2.3)
      http-cookie (~> 1.0)
      http-form_data (~> 1.0.1)
      http_parser.rb (~> 0.6.0)
    http-cookie (1.0.3)
      domain_name (~> 0.5)
    http-form_data (1.0.3)
    http_parser.rb (0.6.0)
    json (1.8.6)
    memoizable (0.4.2)
      thread_safe (~> 0.3, >= 0.3.1)
    method_source (0.9.0)
    multipart-post (2.0.0)
    mustermann (1.0.1)
    naught (1.1.0)
    oauth (0.5.1)
    pry (0.11.3)
      coderay (~> 1.1.0)
      method_source (~> 0.9.0)
    public_suffix (3.0.1)
    rack (2.0.3)
    rack-protection (2.0.0)
      rack
    rack-ssl-enforcer (0.2.9)
    simple_oauth (0.3.1)
    sinatra (2.0.0)
      mustermann (~> 1.0)
      rack (~> 2.0)
      rack-protection (= 2.0.0)
      tilt (~> 2.0)
    thin (1.7.2)
      daemons (~> 1.0, >= 1.0.9)
      eventmachine (~> 1.0, >= 1.0.4)
      rack (>= 1, < 3)
    thread_safe (0.3.6)
    tilt (2.0.8)
    twitter (5.16.0)
      addressable (~> 2.3)
      buftok (~> 0.2.0)
      equalizer (= 0.0.10)
      faraday (~> 0.9.0)
      http (~> 1.0)
      http_parser.rb (~> 0.6.0)
      json (~> 1.8)
      memoizable (~> 0.4.0)
      naught (~> 1.0)
      simple_oauth (~> 0.3.0)
    unf (0.1.4)
      unf_ext
    unf_ext (0.0.7.4)
    unf_ext (0.0.7.4-x64-mingw32)

PLATFORMS
  ruby
  x64-mingw32

DEPENDENCIES
  dotenv (~> 2.1, >= 2.1.1)
  eventmachine (= 1.2.5)
  json (~> 1.8.5)
  oauth (= 0.5.1)
  pry
  rack (~> 2.0.3)
  rack-ssl-enforcer (= 0.2.9)
  sinatra (= 2.0.0)
  thin (= 1.7.2)
  twitter (= 5.16.0)

RUBY VERSION
   ruby 2.3.1p112

BUNDLED WITH
   1.16.0
